PATH
  remote: .
  specs:
    pdf_links_checker (0.1.0)

GEM
  remote: https://rubygems.org/
  specs:
    Ascii85 (1.0.3)
    afm (0.2.2)
    ast (2.4.1)
    hashery (2.1.2)
    minitest (5.14.2)
    parallel (1.20.1)
    parser (2.7.2.0)
      ast (~> 2.4.1)
    pdf-reader (2.4.1)
      Ascii85 (~> 1.0.0)
      afm (~> 0.2.1)
      hashery (~> 2.0)
      ruby-rc4
      ttfunk
    rainbow (3.0.0)
    rake (13.0.1)
    regexp_parser (2.0.0)
    rexml (3.2.4)
    rubocop (0.93.1)
      parallel (~> 1.10)
      parser (>= 2.7.1.5)
      rainbow (>= 2.2.2, < 4.0)
      regexp_parser (>= 1.8)
      rexml
      rubocop-ast (>= 0.6.0)
      ruby-progressbar (~> 1.7)
      unicode-display_width (>= 1.4.0, < 2.0)
    rubocop-ast (1.3.0)
      parser (>= 2.7.1.5)
    ruby-progressbar (1.10.1)
    ruby-rc4 (0.1.5)
    ttfunk (1.6.2.1)
    unicode-display_width (1.7.0)

PLATFORMS
  ruby

DEPENDENCIES
  minitest (~> 5.0)
  pdf-reader (~> 2.4)
  pdf_links_checker!
  rake (~> 13.0)
  rubocop (~> 0.80)

BUNDLED WITH
   2.1.4
